PATH
  remote: .
  specs:
    deprecation_helper (0.1.1)
      sorbet-runtime (~> 0.5.6293)

GEM
  remote: https://rubygems.org/
  specs:
    diff-lcs (1.4.4)
    rspec (3.10.0)
      rspec-core (~> 3.10.0)
      rspec-expectations (~> 3.10.0)
      rspec-mocks (~> 3.10.0)
    rspec-core (3.10.1)
      rspec-support (~> 3.10.0)
    rspec-expectations (3.10.1)
      diff-lcs (>= 1.2.0, < 2.0)
      rspec-support (~> 3.10.0)
    rspec-mocks (3.10.2)
      diff-lcs (>= 1.2.0, < 2.0)
      rspec-support (~> 3.10.0)
    rspec-support (3.10.2)
    sorbet (0.5.6294)
      sorbet-static (= 0.5.6294)
    sorbet-runtime (0.5.6295)
    sorbet-static (0.5.6294-universal-darwin-14)

PLATFORMS
  ruby

DEPENDENCIES
  deprecation_helper!
  rspec (~> 3.0)
  sorbet (~> 0.5.6293)

BUNDLED WITH
   2.1.4
